GEM
  remote: https://ruby.taobao.org/
  specs:
    addressable (2.3.7)
    addressabler (0.1.2)
      addressable (>= 2.3)
    coderay (1.1.0)
    diff-lcs (1.2.5)
    httparty (0.13.5)
      json (~> 1.8)
      multi_xml (>= 0.5.2)
    json (1.8.3)
    mini_portile (0.6.2)
    multi_xml (0.5.5)
    nokogiri (1.6.6.2)
      mini_portile (~> 0.6.0)
    rake (10.4.2)
    rspec (3.2.0)
      rspec-core (~> 3.2.0)
      rspec-expectations (~> 3.2.0)
      rspec-mocks (~> 3.2.0)
    rspec-core (3.2.3)
      rspec-support (~> 3.2.0)
    rspec-expectations (3.2.1)
      diff-lcs (>= 1.2.0, < 2.0)
      rspec-support (~> 3.2.0)
    rspec-mocks (3.2.1)
      diff-lcs (>= 1.2.0, < 2.0)
      rspec-support (~> 3.2.0)
    rspec-support (3.2.2)
    tspider (0.0.6)
      httparty
      nokogiri
      webrobots
    webrobots (0.1.1)

PLATFORMS
  ruby

DEPENDENCIES
  addressabler
  coderay
  rake
  rspec
  tspider
